PATH
  remote: .
  specs:
    guns (0.1.0)

GEM
  remote: https://rubygems.org/
  specs:
    mini_portile2 (2.1.0)
    nokogiri (1.6.8)
      mini_portile2 (~> 2.1.0)
      pkg-config (~> 1.1.7)
    pkg-config (1.1.7)
    rake (10.5.0)

PLATFORMS
  ruby

DEPENDENCIES
  guns!
  nokogiri (~> 1.6, >= 1.6.8)
  rake (~> 10.0, >= 10.0.4)

BUNDLED WITH
   1.12.5
