PATH
  remote: .
  specs:
    guns (0.1.0)

GEM
  remote: https://rubygems.org/
  specs:
    coderay (1.1.1)
    httparty (0.13.7)
      json (~> 1.8)
      multi_xml (>= 0.5.2)
    json (1.8.3)
    method_source (0.8.2)
    mini_portile2 (2.1.0)
    multi_xml (0.5.5)
    nokogiri (1.6.8)
      mini_portile2 (~> 2.1.0)
      pkg-config (~> 1.1.7)
    pkg-config (1.1.7)
    pry (0.10.3)
      coderay (~> 1.1.0)
      method_source (~> 0.8.1)
      slop (~> 3.4)
    rake (10.5.0)
    slop (3.6.0)

PLATFORMS
  ruby

DEPENDENCIES
  guns!
  httparty (~> 0.13.7)
  nokogiri (~> 1.6, >= 1.6.8)
  pry (~> 0.10.3)
  rake (~> 10.0, >= 10.0.4)

BUNDLED WITH
   1.12.5
